REDIRECTS: ON
FRAMEWORK: NET451
NUGET
  remote: https://www.nuget.org/api/v2
    FluentAssertions (4.13.1)
    Microsoft.Owin (3.0.1)
      Owin (>= 1.0)
    Microsoft.Owin.Host.HttpListener (3.0.1)
    Microsoft.Owin.Hosting (3.0.1)
      Microsoft.Owin (>= 3.0.1)
      Owin (>= 1.0)
    Npgsql (3.2.2)
      System.Threading.Tasks.Extensions (>= 4.3)
    NuGet.CommandLine (3.4.3)
    NUnit (2.6.4)
    Owin (1.0)
    System.Data.SQLite.Core (1.0.102)
    System.Threading.Tasks.Extensions (4.3)

GROUP Build
FRAMEWORK: NET451
NUGET
  remote: https://www.nuget.org/api/v2
    FAKE.Core (4.39)
    ILMerge (2.14.1208)
    NUnit.Runners (2.6.4)
